GEM
  remote: http://rubygems.org/
  specs:
    mustermann (2.0.2)
      ruby2_keywords (~> 0.0.1)
    rack (2.2.4)
    rack-protection (2.2.2)
      rack
    ruby2_keywords (0.0.5)
    sinatra (2.2.2)
      mustermann (~> 2.0)
      rack (~> 2.2)
      rack-protection (= 2.2.2)
      tilt (~> 2.0)
    tilt (2.0.11)
    uuidtools (2.2.0)
    webrick (1.7.0)

PLATFORMS
  x86_64-linux

DEPENDENCIES
  sinatra (= 2.2.2)
  uuidtools (= 2.2.0)
  webrick (= 1.7.0)

BUNDLED WITH
   2.3.18
